GEM
  remote: https://rubygems.org/
  specs:
    bootstrap-sass (3.0.2.1)
      sass (~> 3.2)
    chunky_png (1.2.9)
    compass (0.12.2)
      chunky_png (~> 1.2)
      fssm (>= 0.2.7)
      sass (~> 3.1)
    daemons (1.1.9)
    eventmachine (1.0.3)
    fssm (0.2.10)
    haml (4.0.4)
      tilt
    hike (1.2.3)
    multi_json (1.8.2)
    rack (1.5.2)
    rack-rewrite (1.4.01)
    rake (10.1.0)
    sass (3.2.12)
    sprockets (2.2.0)
      hike (~> 1.2)
      multi_json (~> 1.0)
      rack (~> 1.0)
      tilt (~> 1.1, != 1.3.0)
    thin (1.6.1)
      daemons (>= 1.0.9)
      eventmachine (>= 1.0.0)
      rack (>= 1.0.0)
    tilt (1.4.1)

PLATFORMS
  ruby

DEPENDENCIES
  bootstrap-sass
  compass
  haml
  rack
  rack-rewrite
  rake
  sass
  sprockets (= 2.2.0)
  thin
